GIT
  remote: https://github.com/NYULibraries/formaggio.git
  revision: 05290d119a0f9f15df12206c798494d1554c4c58
  tag: v1.5.2
  specs:
    formaggio (1.5.2)
      cap_git_tools (~> 0.9)
      capistrano (~> 2.15)
      figs (~> 2.0)
      git (~> 1.2)
      mail (~> 2.5)
      newrelic_rpm (~> 3.6)
      rake (~> 10.1)
      require_all (~> 1.3)
      rvm-capistrano (~> 1.5)

GIT
  remote: https://github.com/NYULibraries/nyulibraries_errors.git
  revision: 16c7a14892e439c48e6fc1f8ce261c3cbe635e4c
  tag: v1.0.1
  specs:
    nyulibraries_errors (1.0.1)

GIT
  remote: https://github.com/NYULibraries/nyulibraries_institutions.git
  revision: c02e5c5c99d7c9f1443e786299eb438687e762ce
  tag: v1.0.1
  specs:
    nyulibraries_institutions (1.0.1)
      institutions (~> 0.1.3)
      rails (>= 4)

GIT
  remote: https://github.com/NYULibraries/nyulibraries_javascripts.git
  revision: f2637c4891f273a6227b4f0fed9245a88539f9b2
  tag: v1.0.0
  specs:
    nyulibraries_javascripts (1.0.0)

GIT
  remote: https://github.com/NYULibraries/nyulibraries_stylesheets.git
  revision: 624975c97ef327fae9876714951cf64cb0e34603
  tag: v1.0.1
  specs:
    nyulibraries_stylesheets (1.0.1)
      bootstrap-sass (~> 3.2)
      compass (>= 1.0.1)

GIT
  remote: https://github.com/NYULibraries/nyulibraries_templates.git
  revision: f81a20d7badee6b8bc046d1ea63c99c80fe54692
  tag: v1.1.0
  specs:
    nyulibraries_templates (1.1.0)
      rails (>= 4)

GIT
  remote: https://github.com/NYULibraries/omniauth-nyulibraries.git
  revision: 7e8e8285d1c6bf201f0338e50399c55cdd4feeca
  tag: v2.1.1
  specs:
    omniauth-nyulibraries (2.1.1)
      omniauth-oauth2 (~> 1.2.0)

GEM
  remote: https://rubygems.org/
  specs:
    actionmailer (4.2.9)
      actionpack (= 4.2.9)
      actionview (= 4.2.9)
      activejob (= 4.2.9)
      mail (~> 2.5, >= 2.5.4)
      rails-dom-testing (~> 1.0, >= 1.0.5)
    actionpack (4.2.9)
      actionview (= 4.2.9)
      activesupport (= 4.2.9)
      rack (~> 1.6)
      rack-test (~> 0.6.2)
      rails-dom-testing (~> 1.0, >= 1.0.5)
      rails-html-sanitizer (~> 1.0, >= 1.0.2)
    actionview (4.2.9)
      activesupport (= 4.2.9)
      builder (~> 3.1)
      erubis (~> 2.7.0)
      rails-dom-testing (~> 1.0, >= 1.0.5)
      rails-html-sanitizer (~> 1.0, >= 1.0.3)
    activejob (4.2.9)
      activesupport (= 4.2.9)
      globalid (>= 0.3.0)
    activemodel (4.2.9)
      activesupport (= 4.2.9)
      builder (~> 3.1)
    activerecord (4.2.9)
      activemodel (= 4.2.9)
      activesupport (= 4.2.9)
      arel (~> 6.0)
    activesupport (4.2.9)
      i18n (~> 0.7)
      minitest (~> 5.1)
      thread_safe (~> 0.3, >= 0.3.4)
      tzinfo (~> 1.1)
    acts_as_indexed (0.8.3)
    addressable (2.5.2)
      public_suffix (>= 2.0.2, < 4.0)
    ansi (1.5.0)
    arel (6.0.4)
    autoprefixer-rails (7.1.4)
      execjs
    bcrypt (3.1.11)
    bootstrap-sass (3.3.7)
      autoprefixer-rails (>= 5.2.1)
      sass (>= 3.3.4)
    builder (3.2.3)
    cancancan (1.16.0)
    cap_git_tools (0.9.1)
      capistrano (~> 2.0)
    capistrano (2.15.9)
      highline
      net-scp (>= 1.0.0)
      net-sftp (>= 2.0.0)
      net-ssh (>= 2.0.14)
      net-ssh-gateway (>= 1.1.0)
    capybara (2.15.1)
      addressable
      mini_mime (>= 0.1.3)
      nokogiri (>= 1.3.3)
      rack (>= 1.0.0)
      rack-test (>= 0.5.4)
      xpath (~> 2.0)
    childprocess (0.7.1)
      ffi (~> 1.0, >= 1.0.11)
    chunky_png (1.3.8)
    cliver (0.3.2)
    coderay (1.1.2)
    coffee-rails (4.2.2)
      coffee-script (>= 2.2.0)
      railties (>= 4.0.0)
    coffee-script (2.4.1)
      coffee-script-source
      execjs
    coffee-script-source (1.11.0)
    comma (4.1.0)
      activesupport (>= 4.0.0, < 5.2)
    compass (1.0.3)
      chunky_png (~> 1.2)
      compass-core (~> 1.0.2)
      compass-import-once (~> 1.0.5)
      rb-fsevent (>= 0.9.3)
      rb-inotify (>= 0.9)
      sass (>= 3.3.13, < 3.5)
    compass-core (1.0.3)
      multi_json (~> 1.0)
      sass (>= 3.3.0, < 3.5)
    compass-import-once (1.0.5)
      sass (>= 3.2, < 3.5)
    compass-rails (3.0.2)
      compass (~> 1.0.0)
      sass-rails (< 5.1)
      sprockets (< 4.0)
    concurrent-ruby (1.0.5)
    coveralls (0.8.21)
      json (>= 1.8, < 3)
      simplecov (~> 0.14.1)
      term-ansicolor (~> 1.3)
      thor (~> 0.19.4)
      tins (~> 1.6)
    crack (0.4.3)
      safe_yaml (~> 1.0.0)
    cucumber (2.4.0)
      builder (>= 2.1.2)
      cucumber-core (~> 1.5.0)
      cucumber-wire (~> 0.0.1)
      diff-lcs (>= 1.1.3)
      gherkin (~> 4.0)
      multi_json (>= 1.7.5, < 2.0)
      multi_test (>= 0.1.2)
    cucumber-core (1.5.0)
      gherkin (~> 4.0)
    cucumber-rails (1.5.0)
      capybara (>= 1.1.2, < 3)
      cucumber (>= 1.3.8, < 4)
      mime-types (>= 1.17, < 4)
      nokogiri (~> 1.5)
      railties (>= 4, < 5.2)
    cucumber-wire (0.0.1)
    dalli (2.7.6)
    database_cleaner (1.6.1)
    devise (4.3.0)
      bcrypt (~> 3.0)
      orm_adapter (~> 0.1)
      railties (>= 4.1.0, < 5.2)
      responders
      warden (~> 1.2.3)
    diff-lcs (1.3)
    docile (1.1.5)
    domain_name (0.5.20170404)
      unf (>= 0.0.5, < 1.0.0)
    elasticsearch (5.0.4)
      elasticsearch-api (= 5.0.4)
      elasticsearch-transport (= 5.0.4)
    elasticsearch-api (5.0.4)
      multi_json
    elasticsearch-dsl (0.1.5)
    elasticsearch-extensions (0.0.26)
      ansi
      elasticsearch
      ruby-prof
    elasticsearch-model (0.1.9)
      activesupport (> 3)
      elasticsearch (> 0.4)
      hashie
    elasticsearch-rails (0.1.9)
    elasticsearch-transport (5.0.4)
      faraday
      multi_json
    erubis (2.7.0)
    execjs (2.7.0)
    factory_girl (4.8.0)
      activesupport (>= 3.0.0)
    factory_girl_rails (4.8.0)
      factory_girl (~> 4.8.0)
      railties (>= 3.0.0)
    faker (1.8.4)
      i18n (~> 0.5)
    faraday (0.9.2)
      multipart-post (>= 1.2, < 3)
    ffi (1.9.18)
    figs (2.0.4)
      git (~> 1.2.6)
      rake (~> 10.1)
    flamegraph (0.9.5)
    font-awesome-rails (4.7.0.2)
      railties (>= 3.2, < 5.2)
    gherkin (4.1.3)
    git (1.2.9.1)
    globalid (0.4.0)
      activesupport (>= 4.2.0)
    hashdiff (0.3.6)
    hashie (3.5.6)
    highline (1.7.8)
    http-cookie (1.0.3)
      domain_name (~> 0.5)
    i18n (0.8.6)
    institutions (0.1.3)
      ipaddr_range_set (~> 0.10.0)
      require_all (~> 1.3.1)
    ipaddr_range_set (0.10.0)
    jquery-rails (4.3.1)
      rails-dom-testing (>= 1, < 3)
      railties (>= 4.2.0)
      thor (>= 0.14, < 2.0)
    jquery-ui-rails (6.0.1)
      railties (>= 3.2.16)
    json (2.1.0)
    json_spec (1.1.5)
      multi_json (~> 1.0)
      rspec (>= 2.0, < 4.0)
    jwt (1.5.6)
    kaminari (1.0.1)
      activesupport (>= 4.1.0)
      kaminari-actionview (= 1.0.1)
      kaminari-activerecord (= 1.0.1)
      kaminari-core (= 1.0.1)
    kaminari-actionview (1.0.1)
      actionview
      kaminari-core (= 1.0.1)
    kaminari-activerecord (1.0.1)
      activerecord
      kaminari-core (= 1.0.1)
    kaminari-core (1.0.1)
    libv8 (3.16.14.19)
    loofah (2.0.3)
      nokogiri (>= 1.5.9)
    mail (2.6.6)
      mime-types (>= 1.16, < 4)
    memory_profiler (0.9.8)
    method_source (0.8.2)
    mime-types (3.1)
      mime-types-data (~> 3.2015)
    mime-types-data (3.2016.0521)
    mini_mime (0.1.4)
    mini_portile2 (2.3.0)
    minitest (5.10.3)
    multi_json (1.12.2)
    multi_test (0.1.2)
    multi_xml (0.6.0)
    multipart-post (2.0.0)
    mysql2 (0.4.9)
    net-scp (1.2.1)
      net-ssh (>= 2.6.5)
    net-sftp (2.1.2)
      net-ssh (>= 2.6.5)
    net-ssh (4.2.0)
    net-ssh-gateway (2.0.0)
      net-ssh (>= 4.0.0)
    netrc (0.11.0)
    newrelic_rpm (3.18.1.330)
    nokogiri (1.8.1)
      mini_portile2 (~> 2.3.0)
    oauth2 (1.4.0)
      faraday (>= 0.8, < 0.13)
      jwt (~> 1.0)
      multi_json (~> 1.3)
      multi_xml (~> 0.5)
      rack (>= 1.2, < 3)
    omniauth (1.6.1)
      hashie (>= 3.4.6, < 3.6.0)
      rack (>= 1.6.2, < 3)
    omniauth-oauth2 (1.2.0)
      faraday (>= 0.8, < 0.10)
      multi_json (~> 1.3)
      oauth2 (~> 1.0)
      omniauth (~> 1.2)
    options (2.3.2)
    orm_adapter (0.5.0)
    phantomjs (2.1.1.0)
    poltergeist (1.13.0)
      capybara (~> 2.1)
      cliver (~> 0.3.1)
      websocket-driver (>= 0.2.0)
    progress_bar (1.1.0)
      highline (~> 1.6)
      options (~> 2.3.0)
    pry (0.10.4)
      coderay (~> 1.1.0)
      method_source (~> 0.8.1)
      slop (~> 3.4)
    pry-remote (0.1.8)
      pry (~> 0.9)
      slop (~> 3.0)
    public_suffix (3.0.0)
    rack (1.6.8)
    rack-mini-profiler (0.10.5)
      rack (>= 1.2.0)
    rack-test (0.6.3)
      rack (>= 1.0)
    rails (4.2.9)
      actionmailer (= 4.2.9)
      actionpack (= 4.2.9)
      actionview (= 4.2.9)
      activejob (= 4.2.9)
      activemodel (= 4.2.9)
      activerecord (= 4.2.9)
      activesupport (= 4.2.9)
      bundler (>= 1.3.0, < 2.0)
      railties (= 4.2.9)
      sprockets-rails
    rails-deprecated_sanitizer (1.0.3)
      activesupport (>= 4.2.0.alpha)
    rails-dom-testing (1.0.8)
      activesupport (>= 4.2.0.beta, < 5.0)
      nokogiri (~> 1.6)
      rails-deprecated_sanitizer (>= 1.0.1)
    rails-html-sanitizer (1.0.3)
      loofah (~> 2.0)
    railties (4.2.9)
      actionpack (= 4.2.9)
      activesupport (= 4.2.9)
      rake (>= 0.8.7)
      thor (>= 0.18.1, < 2.0)
    rake (10.5.0)
    rb-fsevent (0.10.2)
    rb-inotify (0.9.10)
      ffi (>= 0.5.0, < 2)
    ref (2.0.0)
    require_all (1.3.3)
    responders (2.4.0)
      actionpack (>= 4.2.0, < 5.3)
      railties (>= 4.2.0, < 5.3)
    rest-client (2.0.2)
      http-cookie (>= 1.0.2, < 2.0)
      mime-types (>= 1.16, < 4.0)
      netrc (~> 0.8)
    rollbar (2.15.4)
      multi_json
    rspec (3.6.0)
      rspec-core (~> 3.6.0)
      rspec-expectations (~> 3.6.0)
      rspec-mocks (~> 3.6.0)
    rspec-core (3.6.0)
      rspec-support (~> 3.6.0)
    rspec-expectations (3.6.0)
      diff-lcs (>= 1.2.0, < 2.0)
      rspec-support (~> 3.6.0)
    rspec-its (1.2.0)
      rspec-core (>= 3.0.0)
      rspec-expectations (>= 3.0.0)
    rspec-mocks (3.6.0)
      diff-lcs (>= 1.2.0, < 2.0)
      rspec-support (~> 3.6.0)
    rspec-rails (3.6.1)
      actionpack (>= 3.0)
      activesupport (>= 3.0)
      railties (>= 3.0)
      rspec-core (~> 3.6.0)
      rspec-expectations (~> 3.6.0)
      rspec-mocks (~> 3.6.0)
      rspec-support (~> 3.6.0)
    rspec-support (3.6.0)
    ruby-prof (0.16.2)
    rubyzip (1.2.1)
    rvm-capistrano (1.5.6)
      capistrano (~> 2.15.4)
    safe_yaml (1.0.4)
    sass (3.4.25)
    sass-rails (5.0.6)
      railties (>= 4.0.0, < 6)
      sass (~> 3.1)
      sprockets (>= 2.8, < 4.0)
      sprockets-rails (>= 2.0, < 4.0)
      tilt (>= 1.1, < 3)
    scout_apm (2.1.32)
    selenium-webdriver (3.5.2)
      childprocess (~> 0.5)
      rubyzip (~> 1.0)
    simplecov (0.14.1)
      docile (~> 1.1.0)
      json (>= 1.8, < 3)
      simplecov-html (~> 0.10.0)
    simplecov-html (0.10.2)
    simplecov-rcov (0.2.3)
      simplecov (>= 0.4.1)
    slop (3.6.0)
    sorted (2.1.2)
    sprockets (3.7.1)
      concurrent-ruby (~> 1.0)
      rack (> 1, < 3)
    sprockets-rails (3.2.1)
      actionpack (>= 4.0)
      activesupport (>= 4.0)
      sprockets (>= 3.0.0)
    stackprof (0.2.10)
    temporal-rails (0.2.4)
      coffee-rails
      railties (>= 3.2.5, < 5)
    term-ansicolor (1.6.0)
      tins (~> 1.0)
    therubyracer (0.12.3)
      libv8 (~> 3.16.14.15)
      ref
    thor (0.19.4)
    thread_safe (0.3.6)
    tilt (2.0.8)
    timecop (0.9.1)
    tins (1.15.0)
    tzinfo (1.2.3)
      thread_safe (~> 0.1)
    uglifier (3.2.0)
      execjs (>= 0.3.0, < 3)
    unf (0.1.4)
      unf_ext
    unf_ext (0.0.7.4)
    warden (1.2.7)
      rack (>= 1.0)
    webmock (2.3.2)
      addressable (>= 2.3.6)
      crack (>= 0.3.2)
      hashdiff
    websocket-driver (0.7.0)
      websocket-extensions (>= 0.1.0)
    websocket-extensions (0.1.2)
    xpath (2.1.0)
      nokogiri (~> 1.3)
    yui-compressor (0.12.0)

PLATFORMS
  ruby

DEPENDENCIES
  acts_as_indexed (~> 0.8.3)
  cancancan (~> 1.16.0)
  coffee-rails (~> 4.2.1)
  coffee-script-source (= 1.11.0)
  comma (~> 4.1)
  compass-rails (~> 3.0.2)
  coveralls (~> 0.8)
  cucumber-rails
  dalli (~> 2.7.4)
  database_cleaner
  devise (~> 4.2)
  elasticsearch-dsl (~> 0.1.5)
  elasticsearch-extensions
  elasticsearch-model (~> 0.1.9)
  elasticsearch-rails (~> 0.1.9)
  factory_girl_rails (~> 4.8.0)
  faker
  flamegraph
  font-awesome-rails (~> 4.7.0)
  formaggio!
  jquery-rails (~> 4.3)
  jquery-ui-rails (~> 6.0)
  json (~> 2.1)
  json_spec
  kaminari (~> 1.0)
  memory_profiler
  mysql2 (~> 0.4.5)
  newrelic_rpm
  nyulibraries_errors!
  nyulibraries_institutions!
  nyulibraries_javascripts!
  nyulibraries_stylesheets!
  nyulibraries_templates!
  omniauth-nyulibraries!
  phantomjs (>= 1.9.0)
  poltergeist (~> 1.13.0)
  progress_bar
  pry (~> 0.10.1)
  pry-remote
  rack-mini-profiler
  rails (~> 4.2.0)
  rest-client (~> 2.0.0)
  rollbar
  rspec-its
  rspec-rails (~> 3.5)
  sass-rails (~> 5.0.6)
  scout_apm
  selenium-webdriver
  simplecov
  simplecov-rcov
  sorted (~> 2.1)
  stackprof
  temporal-rails (~> 0.2.3)
  therubyracer (~> 0.12.2)
  timecop (~> 0.8)
  uglifier (~> 3.2)
  webmock (~> 2.3.2)
  yui-compressor (~> 0.12.0)

BUNDLED WITH
   1.15.4
